PATH
  remote: .
  specs:
    UrgentcareCLI (0.1.0)
      nokogiri (>= 1.8.2, < 1.11.0)

GEM
  remote: https://rubygems.org/
  specs:
    coderay (1.1.2)
    diff-lcs (1.3)
    method_source (0.9.0)
    mini_portile2 (2.4.0)
    nokogiri (1.10.9)
      mini_portile2 (~> 2.4.0)
    project (1.3.0)
      rspec (>= 1.2.9)
    pry (0.11.3)
      coderay (~> 1.1.0)
      method_source (~> 0.9.0)
    rake (13.0.1)
    rspec (3.7.0)
      rspec-core (~> 3.7.0)
      rspec-expectations (~> 3.7.0)
      rspec-mocks (~> 3.7.0)
    rspec-core (3.7.1)
      rspec-support (~> 3.7.0)
    rspec-expectations (3.7.0)
      diff-lcs (>= 1.2.0, < 2.0)
      rspec-support (~> 3.7.0)
    rspec-mocks (3.7.0)
      diff-lcs (>= 1.2.0, < 2.0)
      rspec-support (~> 3.7.0)
    rspec-support (3.7.1)
    watir (~> 6.16, >= 6.16.5)

PLATFORMS
  ruby

DEPENDENCIES
  UrgentcareCLI!
  bundler (~> 2.1.4)
  nokogiri
  project
  pry
  rake
  rspec (~> 3.0)

BUNDLED WITH
   2.1.4
